GEM
  remote: https://rubygems.org/
  specs:
    colored (1.2)
    cri (2.6.1)
      colored (~> 1.2)
    diff-lcs (1.3)
    facter (2.5.1)
    faraday (0.9.2)
      multipart-post (>= 1.2, < 3)
    faraday_middleware (0.10.1)
      faraday (>= 0.7.4, < 1.0)
    fast_gettext (1.1.0)
    gettext-setup (0.17)
      fast_gettext (~> 1.1.0)
      locale
    hiera (1.3.4)
      json_pure
    json_pure (2.1.0)
    locale (2.1.2)
    log4r (1.1.10)
    metaclass (0.0.4)
    minitar (0.6.1)
    mocha (1.2.1)
      metaclass (~> 0.0.1)
    multi_json (1.10.1)
    multipart-post (2.0.0)
    puppet (3.8.7)
      facter (> 1.6, < 3)
      hiera (~> 1.0)
      json_pure
    puppet-lint (2.3.0)
    puppet-lint-absolute_classname-check (0.2.4)
      puppet-lint (>= 1.0, < 3.0)
    puppet-lint-leading_zero-check (0.1.1)
      puppet-lint (>= 1.0, < 3.0)
    puppet-lint-spaceship_operator_without_tag-check (0.1.1)
      puppet-lint (>= 1.0, < 3.0)
    puppet-lint-undef_in_function-check (0.2.1)
      puppet-lint (>= 1.0, < 3.0)
    puppet-lint-unquoted_string-check (0.3.0)
      puppet-lint (>= 1.0, < 3.0)
    puppet-lint-variable_contains_upcase (1.2.0)
      puppet-lint (>= 1.0, < 3.0)
    puppet-syntax (2.4.1)
      rake
    puppet_forge (2.2.6)
      faraday (~> 0.9.0)
      faraday_middleware (>= 0.9.0, < 0.11.0)
      gettext-setup (~> 0.11)
      minitar
      semantic_puppet (~> 0.1.0)
    puppetlabs_spec_helper (2.3.2)
      mocha (~> 1.0)
      puppet-lint (~> 2.0)
      puppet-syntax (~> 2.0)
      rspec-puppet (~> 2.0)
    r10k (2.5.5)
      colored (= 1.2)
      cri (~> 2.6.1)
      gettext-setup (~> 0.5)
      log4r (= 1.1.10)
      multi_json (~> 1.10)
      puppet_forge (~> 2.2)
      semantic_puppet (~> 0.1.0)
    rake (12.3.3)
    rspec (3.6.0)
      rspec-core (~> 3.6.0)
      rspec-expectations (~> 3.6.0)
      rspec-mocks (~> 3.6.0)
    rspec-core (3.6.0)
      rspec-support (~> 3.6.0)
    rspec-expectations (3.6.0)
      diff-lcs (>= 1.2.0, < 2.0)
      rspec-support (~> 3.6.0)
    rspec-mocks (3.6.0)
      diff-lcs (>= 1.2.0, < 2.0)
      rspec-support (~> 3.6.0)
    rspec-puppet (2.6.8)
      rspec
    rspec-support (3.6.0)
    semantic_puppet (0.1.4)
      gettext-setup (>= 0.3)

PLATFORMS
  ruby

DEPENDENCIES
  colored (= 1.2)!
  cri (= 2.6.1)!
  faraday (~> 0.9.0)!
  faraday_middleware (< 0.11.0)!
  fast_gettext (~> 1.1.0)!
  gettext-setup (~> 0.5)!
  locale!
  log4r (= 1.1.10)!
  minitar!
  multi_json (= 1.10.1)!
  multipart-post (< 3)!
  puppet (= 3.8.7)!
  puppet-lint!
  puppet-lint-absolute_classname-check!
  puppet-lint-leading_zero-check!
  puppet-lint-spaceship_operator_without_tag-check!
  puppet-lint-undef_in_function-check!
  puppet-lint-unquoted_string-check!
  puppet-lint-variable_contains_upcase!
  puppet-syntax!
  puppet_forge (~> 2.2)!
  puppetlabs_spec_helper!
  r10k (= 2.5.5)!
  rake!
  semantic_puppet (= 0.1.4)!

RUBY VERSION
   ruby 2.1.10p492

BUNDLED WITH
   1.15.4
